PATH
  remote: .
  specs:
    oboe (2.6.7)
      json

GEM
  remote: https://rubygems.org/
  specs:
    ansi (1.4.3)
    appraisal (1.0.0)
      bundler
      rake
      thor (>= 0.14.0)
    bson (1.10.2)
    builder (3.2.2)
    byebug (3.1.2)
      columnize (~> 0.8)
      debugger-linecache (~> 1.2)
    cassandra (0.23.0)
      json
      rake
      simple_uuid (~> 0.3)
      thrift_client (~> 0.7, < 0.9)
    coderay (1.1.0)
    columnize (0.8.9)
    dalli (2.7.2)
    debugger (1.6.8)
      columnize (>= 0.3.1)
      debugger-linecache (~> 1.2.0)
      debugger-ruby_core_source (~> 1.3.5)
    debugger-linecache (1.2.0)
    debugger-ruby_core_source (1.3.5)
    json (1.8.1)
    linecache (0.46)
      rbx-require-relative (> 0.0.4)
    memcache-client (1.8.5)
    memcached (1.7.2)
    method_source (0.8.2)
    minitest (5.4.0)
    minitest-reporters (1.0.5)
      ansi
      builder
      minitest (>= 5.0)
      ruby-progressbar
    mongo (1.3.1)
      bson (>= 1.3.1)
    mono_logger (1.1.0)
    multi_json (1.10.1)
    perftools.rb (2.0.1)
    pry (0.10.0)
      coderay (~> 1.1.0)
      method_source (~> 0.8.1)
      slop (~> 3.4)
    rack (1.5.2)
    rack-protection (1.5.3)
      rack
    rack-test (0.6.2)
      rack (>= 1.0)
    rake (10.3.2)
    rbx-require-relative (0.0.9)
    redis (3.1.0)
    redis-namespace (1.5.0)
      redis (~> 3.0, >= 3.0.4)
    resque (1.25.2)
      mono_logger (~> 1.0)
      multi_json (~> 1.0)
      redis-namespace (~> 1.3)
      sinatra (>= 0.9.2)
      vegas (~> 0.1.2)
    ruby-debug (0.10.4)
      columnize (>= 0.1)
      ruby-debug-base (~> 0.10.4.0)
    ruby-debug-base (0.10.4)
      linecache (>= 0.3)
    ruby-progressbar (1.5.1)
    simple_uuid (0.4.0)
    sinatra (1.4.5)
      rack (~> 1.4)
      rack-protection (~> 1.4)
      tilt (~> 1.3, >= 1.3.4)
    slop (3.5.0)
    thor (0.17.0)
    thrift (0.8.0)
    thrift_client (0.8.4)
      thrift (~> 0.8.0)
    tilt (1.4.1)
    vegas (0.1.11)
      rack (>= 1.0.0)

PLATFORMS
  ruby

DEPENDENCIES
  appraisal
  bson (= 1.10.2)
  byebug
  cassandra
  dalli
  debugger
  memcache-client
  memcached (= 1.7.2)
  minitest
  minitest-reporters
  mongo
  oboe!
  perftools.rb
  pry
  rack-test
  rake
  redis
  resque
  ruby-debug
  sinatra
