PATH
  remote: .
  specs:
    oboe (2.2.6)

GEM
  remote: https://rubygems.org/
  specs:
    ansi (1.4.3)
    appraisal (0.5.2)
      bundler
      rake
    bson (1.9.0)
    bson_ext (1.9.0)
      bson (~> 1.9.0)
    builder (3.2.2)
    cassandra (0.18.0)
      json
      rake
      simple_uuid (~> 0.2.0)
      thrift_client (>= 0.7.0, < 0.9)
    columnize (0.3.6)
    dalli (2.6.4)
    debugger (1.6.1)
      columnize (>= 0.3.1)
      debugger-linecache (~> 1.2.0)
      debugger-ruby_core_source (~> 1.2.3)
    debugger-linecache (1.2.0)
    debugger-ruby_core_source (1.2.3)
    hashie (2.0.5)
    json (1.8.0)
    memcache-client (1.8.5)
    memcached (1.7.0)
    minitest (4.7.5)
    minitest-reporters (0.14.21)
      ansi
      builder
      minitest (>= 2.12, < 5.0)
      powerbar
    mongo (1.9.0)
      bson (~> 1.9.0)
    mono_logger (1.1.0)
    moped (1.5.0)
    multi_json (1.7.7)
    powerbar (1.0.11)
      ansi (~> 1.4.0)
      hashie (>= 1.1.0)
    rack (1.5.2)
    rack-protection (1.5.0)
      rack
    rake (10.1.0)
    redis (3.0.4)
    redis-namespace (1.3.0)
      redis (~> 3.0.0)
    resque (1.24.1)
      mono_logger (~> 1.0)
      multi_json (~> 1.0)
      redis-namespace (~> 1.2)
      sinatra (>= 0.9.2)
      vegas (~> 0.1.2)
    simple_uuid (0.2.0)
    sinatra (1.4.3)
      rack (~> 1.4)
      rack-protection (~> 1.4)
      tilt (~> 1.3, >= 1.3.4)
    thrift (0.8.0)
    thrift_client (0.8.4)
      thrift (~> 0.8.0)
    tilt (1.4.1)
    vegas (0.1.11)
      rack (>= 1.0.0)

PLATFORMS
  ruby

DEPENDENCIES
  appraisal
  bson
  bson_ext
  cassandra
  dalli
  debugger
  memcache-client
  memcached
  minitest
  minitest-reporters
  mongo
  moped
  oboe!
  rake
  resque
